GIT
  remote: git://github.com/hideyuki/specinfra.git
  revision: 4481e3183a426c89ffb1b64e7b3eb0620f49de0f
  branch: feature/support_circleci
  specs:
    specinfra (2.34.6)
      net-scp
      net-ssh

GEM
  remote: https://rubygems.org/
  specs:
    diff-lcs (1.2.5)
    docker-api (1.21.4)
      excon (>= 0.38.0)
      json
    excon (0.45.3)
    json (1.8.3)
    multi_json (1.11.0)
    net-scp (1.2.1)
      net-ssh (>= 2.6.5)
    net-ssh (2.9.2)
    rspec (3.2.0)
      rspec-core (~> 3.2.0)
      rspec-expectations (~> 3.2.0)
      rspec-mocks (~> 3.2.0)
    rspec-core (3.2.3)
      rspec-support (~> 3.2.0)
    rspec-expectations (3.2.1)
      diff-lcs (>= 1.2.0, < 2.0)
      rspec-support (~> 3.2.0)
    rspec-its (1.2.0)
      rspec-core (>= 3.0.0)
      rspec-expectations (>= 3.0.0)
    rspec-mocks (3.2.1)
      diff-lcs (>= 1.2.0, < 2.0)
      rspec-support (~> 3.2.0)
    rspec-support (3.2.2)
    serverspec (2.17.1)
      multi_json
      rspec (~> 3.0)
      rspec-its
      specinfra (~> 2.32)

PLATFORMS
  ruby

DEPENDENCIES
  docker-api
  rspec
  serverspec
  specinfra!
